GEM
  remote: https://rubygems.org/
  specs:
    breakpoint (2.4.2)
      sass (~> 3.3.0)
      sassy-maps (< 1.0.0)
    chunky_png (1.3.1)
    compass (1.0.0.alpha.19)
      chunky_png (~> 1.2)
      compass-core (~> 1.0.0.alpha.19)
      compass-import-once (~> 1.0.3)
      json
      listen (~> 1.1.0)
      sass (>= 3.3.0, < 3.5)
    compass-core (1.0.0.alpha.19)
      multi_json (~> 1.0)
      sass (>= 3.3.0, < 3.5)
    compass-import-once (1.0.4)
      sass (>= 3.2, < 3.5)
    ffi (1.9.3)
    json (1.8.1)
    listen (1.1.6)
      rb-fsevent (>= 0.9.3)
      rb-inotify (>= 0.9)
      rb-kqueue (>= 0.2)
    modular-scale (2.0.5)
      compass (>= 0.12.0)
    multi_json (1.10.1)
    normalize-scss (3.0.0.alpha.2)
      compass-core (>= 1.0.0.alpha.13)
      sass (>= 3.3.0.pre.rc.1)
    rb-fsevent (0.9.4)
    rb-inotify (0.9.5)
      ffi (>= 0.5.0)
    rb-kqueue (0.2.3)
      ffi (>= 0.5.0)
    sass (3.3.8)
    sass-css-importer (1.0.0.beta.0)
      sass (>= 3.1)
    sassy-maps (0.4.0)
      sass (~> 3.3)
    susy (2.1.2)
      sass (~> 3.3.0)

PLATFORMS
  ruby

DEPENDENCIES
  breakpoint (~> 2.4.2)
  compass (~> 1.0.0.alpha.19)
  modular-scale
  normalize-scss (~> 3.0.0.alpha.2)
  sass (~> 3.3.4)
  sass-css-importer
  susy (~> 2.1.1)
